GEM
  remote: https://rubygems.org/
  specs:
    anemone (0.7.2)
      nokogiri (>= 1.3.0)
      robotex (>= 1.0.0)
    coderay (1.1.0)
    ffi (1.9.8-java)
    json (1.8.2-java)
    method_source (0.8.2)
    mime-types (1.25.1)
    nokogiri (1.6.6.2-java)
    pry (0.10.1-java)
      coderay (~> 1.1.0)
      method_source (~> 0.8.1)
      slop (~> 3.4)
      spoon (~> 0.0)
    rack (1.6.0)
    rack-protection (1.5.3)
      rack
    robotex (1.0.0)
    sinatra (1.4.6)
      rack (~> 1.4)
      rack-protection (~> 1.4)
      tilt (>= 1.3, < 3)
    slop (3.6.0)
    spoon (0.0.4)
      ffi
    tilt (2.0.1)
    yomu (0.2.2)
      json (~> 1.8)
      mime-types (~> 1.23)

PLATFORMS
  java

DEPENDENCIES
  anemone
  pry
  sinatra
  yomu
